PATH
  remote: .
  specs:
    render (0.1.2)
      addressable
      macaddr (~> 1.7.1)
      uuid

GEM
  remote: http://rubygems.org/
  specs:
    addressable (2.5.2)
      public_suffix (>= 2.0.2, < 4.0)
    byebug (9.1.0)
    crack (0.4.3)
      safe_yaml (~> 1.0.0)
    diff-lcs (1.3)
    hashdiff (0.3.7)
    macaddr (1.7.1)
      systemu (~> 2.6.2)
    public_suffix (3.0.1)
    rake (10.5.0)
    rspec (2.99.0)
      rspec-core (~> 2.99.0)
      rspec-expectations (~> 2.99.0)
      rspec-mocks (~> 2.99.0)
    rspec-core (2.99.2)
    rspec-expectations (2.99.2)
      diff-lcs (>= 1.1.3, < 2.0)
    rspec-mocks (2.99.4)
    safe_yaml (1.0.4)
    systemu (2.6.5)
    uuid (2.3.8)
      macaddr (~> 1.0)
    webmock (1.24.6)
      addressable (>= 2.3.6)
      crack (>= 0.3.2)
      hashdiff

PLATFORMS
  ruby

DEPENDENCIES
  bundler (~> 1.3)
  byebug (~> 9.1.0)
  rake (~> 10.1)
  render!
  rspec (~> 2.14)
  webmock (~> 1.17)

BUNDLED WITH
   1.16.0
